PATH
  remote: .
  specs:
    aruba (0.2.1)

PATH
  remote: /Users/aslakhellesoy/scm/cucumber
  specs:
    cucumber (0.9.0)
      builder (~> 2.1.2)
      diff-lcs (~> 1.1.2)
      json_pure (~> 1.4.6)
      term-ansicolor (~> 1.0.5)

PATH
  remote: /Users/aslakhellesoy/scm/gherkin
  specs:
    gherkin (2.2.1)
      trollop (~> 1.16.2)

GEM
  remote: http://rubygems.org/
  specs:
    builder (2.1.2)
    diff-lcs (1.1.2)
    json_pure (1.4.6)
    rspec (2.0.0.beta.22)
      rspec-core (= 2.0.0.beta.22)
      rspec-expectations (= 2.0.0.beta.22)
      rspec-mocks (= 2.0.0.beta.22)
    rspec-core (2.0.0.beta.22)
    rspec-expectations (2.0.0.beta.22)
      diff-lcs (>= 1.1.2)
    rspec-mocks (2.0.0.beta.22)
      rspec-core (= 2.0.0.beta.22)
      rspec-expectations (= 2.0.0.beta.22)
    term-ansicolor (1.0.5)
    trollop (1.16.2)

PLATFORMS
  java
  ruby

DEPENDENCIES
  aruba!
  cucumber!
  gherkin!
  rspec (~> 2.0.0.beta.22)
